GEM
  remote: https://rubygems.org/
  specs:
    erubis (2.7.0)
    httparty (0.10.2)
      multi_json (~> 1.0)
      multi_xml (>= 0.5.2)
    multi_json (1.7.3)
    multi_xml (0.5.3)
    rack (1.5.2)
    rack-protection (1.5.0)
      rack
    sass (3.2.8)
    sinatra (1.4.2)
      rack (~> 1.5, >= 1.5.2)
      rack-protection (~> 1.4)
      tilt (~> 1.3, >= 1.3.4)
    tilt (1.3.7)

PLATFORMS
  ruby

DEPENDENCIES
  erubis
  httparty
  sass
  sinatra
